PATH
  remote: ../../board
  specs:
    board (0.0.1)

PATH
  remote: ../authenticated_board
  specs:
    authenticated_board (0.0.0)
      board

PATH
  remote: .
  specs:
    cookie_session (0.0.0)
      authenticated_board

GEM
  remote: https://rubygems.org/
  specs:
    diff-lcs (1.2.5)
    rspec (3.3.0)
      rspec-core (~> 3.3.0)
      rspec-expectations (~> 3.3.0)
      rspec-mocks (~> 3.3.0)
    rspec-core (3.3.2)
      rspec-support (~> 3.3.0)
    rspec-expectations (3.3.1)
      diff-lcs (>= 1.2.0, < 2.0)
      rspec-support (~> 3.3.0)
    rspec-mocks (3.3.2)
      diff-lcs (>= 1.2.0, < 2.0)
      rspec-support (~> 3.3.0)
    rspec-support (3.3.0)

PLATFORMS
  ruby

DEPENDENCIES
  authenticated_board!
  board!
  cookie_session!
  rspec

BUNDLED WITH
   1.11.2
